GEM
  remote: https://rubygems.org/
  specs:
    activemodel (4.2.6)
      activesupport (= 4.2.6)
      builder (~> 3.1)
    activerecord (4.2.6)
      activemodel (= 4.2.6)
      activesupport (= 4.2.6)
      arel (~> 6.0)
    activesupport (4.2.6)
      i18n (~> 0.7)
      json (~> 1.7, >= 1.7.7)
      minitest (~> 5.1)
      thread_safe (~> 0.3, >= 0.3.4)
      tzinfo (~> 1.1)
    airborne (0.2.5)
      activesupport (>= 3.0.0)
      rack-test (~> 0.6, >= 0.6.2)
      rest-client (~> 1.7, >= 1.7.3)
      rspec (~> 3.1, >= 3.1.0)
    arel (6.0.3)
    builder (3.2.2)
    byebug (9.0.5)
    ci_reporter (2.0.0)
      builder (>= 2.1.2)
    ci_reporter_rspec (1.0.0)
      ci_reporter (~> 2.0)
      rspec (>= 2.14, < 4)
    diff-lcs (1.2.5)
    domain_name (0.5.20160310)
      unf (>= 0.0.5, < 1.0.0)
    dotenv (2.1.1)
    http-cookie (1.0.2)
      domain_name (~> 0.5)
    i18n (0.7.0)
    json (1.8.3)
    mime-types (2.99.2)
    minitest (5.9.0)
    mysql2 (0.4.4)
    net-ssh (2.1.4)
    net-ssh-shell (0.2.0)
      net-ssh (~> 2.1.0)
    netrc (0.11.0)
    rack (1.6.4)
    rack-test (0.6.3)
      rack (>= 1.0)
    rest-client (1.8.0)
      http-cookie (>= 1.0.2, < 2.0)
      mime-types (>= 1.16, < 3.0)
      netrc (~> 0.7)
    rspec (3.4.0)
      rspec-core (~> 3.4.0)
      rspec-expectations (~> 3.4.0)
      rspec-mocks (~> 3.4.0)
    rspec-core (3.4.4)
      rspec-support (~> 3.4.0)
    rspec-expectations (3.4.0)
      diff-lcs (>= 1.2.0, < 2.0)
      rspec-support (~> 3.4.0)
    rspec-mocks (3.4.1)
      diff-lcs (>= 1.2.0, < 2.0)
      rspec-support (~> 3.4.0)
    rspec-support (3.4.1)
    session (3.2.0)
    thread_safe (0.3.5)
    tzinfo (1.2.2)
      thread_safe (~> 0.1)
    unf (0.1.4)
      unf_ext
    unf_ext (0.0.7.2)

PLATFORMS
  ruby

DEPENDENCIES
  activerecord (= 4.2.6)
  airborne (= 0.2.5)
  byebug
  ci_reporter_rspec
  dotenv
  mysql2 (= 0.4.4)
  net-ssh (~> 2.1.0)
  net-ssh-shell
  rspec (= 3.4.0)
  session (= 3.2.0)

BUNDLED WITH
   1.12.5
